GEM
  remote: https://rubygems.org/
  specs:
    RedCloth (4.2.9)
    awestruct (0.5.0.cr)
      bootstrap-sass (~> 2.3.0.1)
      compass (~> 0.12.1)
      compass-960-plugin (~> 0.10.4)
      git (~> 1.2.5)
      json (~> 1.7.7)
      listen (~> 0.5.0)
      nokogiri (~> 1.5.6)
      rack (~> 1.5.2)
      rest-client (~> 1.6.7)
      ruby-s3cmd (~> 0.1.5)
      tilt (~> 1.3.4)
    bootstrap-sass (2.3.0.1)
      sass (~> 3.2)
    chunky_png (1.2.7)
    commonjs (0.2.6)
    compass (0.12.2)
      chunky_png (~> 1.2)
      fssm (>= 0.2.7)
      sass (~> 3.1)
    compass-960-plugin (0.10.4)
      compass (>= 0.10.0)
    ffi (1.0.11)
    fssm (0.2.10)
    git (1.2.5)
    haml (4.0.1)
      tilt
    json (1.7.7)
    less (2.3.1)
      commonjs (~> 0.2.6)
    libv8 (3.11.8.17)
    listen (0.5.3)
    mime-types (1.21)
    nokogiri (1.5.9)
    rack (1.5.2)
    rb-inotify (0.8.8)
      ffi (>= 0.5.0)
    ref (1.0.4)
    rest-client (1.6.7)
      mime-types (>= 1.16)
    ruby-s3cmd (0.1.5)
    sass (3.2.7)
    therubyracer (0.11.4)
      libv8 (~> 3.11.8.12)
      ref
    tilt (1.3.6)

PLATFORMS
  ruby

DEPENDENCIES
  RedCloth (~> 4.2.9)
  awestruct (~> 0.5.0.cr)
  haml (~> 4.0.0)
  less (~> 2.3.1)
  rb-inotify (~> 0.8.8)
  therubyracer (~> 0.11.4)
