GEM
  remote: https://rubygems.org/
  specs:
    POpen4 (0.1.4)
      Platform (>= 0.4.0)
      open4
    Platform (0.4.0)
    RedCloth (4.2.9)
    asciidoctor (0.1.3)
    awestruct (0.5.1)
      bootstrap-sass (~> 2.3.1.0)
      compass (~> 0.12.1)
      compass-960-plugin (~> 0.10.4)
      git (~> 1.2.5)
      haml (~> 4.0.1)
      json (~> 1.7.7)
      listen (~> 0.7.3)
      nokogiri (~> 1.5.6)
      rack (~> 1.5.2)
      rest-client (~> 1.6.7)
      ruby-s3cmd (~> 0.1.5)
      tilt (~> 1.3.6)
      zurb-foundation (~> 4.0.9)
    bootstrap-sass (2.3.1.3)
      sass (~> 3.2)
    chunky_png (1.2.8)
    coderay (1.0.9)
    coffee-script (2.2.0)
      coffee-script-source
      execjs
    coffee-script-source (1.6.2)
    commonjs (0.2.6)
    compass (0.12.2)
      chunky_png (~> 1.2)
      fssm (>= 0.2.7)
      sass (~> 3.1)
    compass-960-plugin (0.10.4)
      compass (>= 0.10.0)
    em-websocket (0.5.0)
      eventmachine (>= 0.12.9)
      http_parser.rb (~> 0.5.3)
    erubis (2.7.0)
    eventmachine (1.0.3)
    execjs (1.4.0)
      multi_json (~> 1.0)
    ffi (1.8.1)
    formatador (0.2.4)
    fssm (0.2.10)
    git (1.2.5)
    guard (1.7.0)
      formatador (>= 0.2.4)
      listen (>= 0.6.0)
      lumberjack (>= 1.0.2)
      pry (>= 0.9.10)
      thor (>= 0.14.6)
    guard-livereload (1.3.0)
      em-websocket (>= 0.2.0)
      guard (>= 1.5.0)
      multi_json (~> 1.0)
    haml (4.0.3)
      tilt
    htmlcompressor (0.0.6)
      yui-compressor (~> 0.9.6)
    http_parser.rb (0.5.3)
    json (1.7.7)
    less (2.3.2)
      commonjs (~> 0.2.6)
    libv8 (3.11.8.17)
    listen (0.7.3)
    lumberjack (1.0.3)
    method_source (0.8.1)
    mime-types (1.23)
    multi_json (1.7.6)
    nokogiri (1.5.9)
    open4 (1.3.0)
    pry (0.9.12.2)
      coderay (~> 1.0.5)
      method_source (~> 0.8)
      slop (~> 3.4)
    puma (1.6.3)
      rack (~> 1.2)
    rack (1.5.2)
    rb-inotify (0.9.0)
      ffi (>= 0.5.0)
    redcarpet (2.3.0)
    ref (1.0.5)
    rest-client (1.6.7)
      mime-types (>= 1.16)
    ruby-s3cmd (0.1.5)
    sass (3.2.9)
    slim (2.0.0)
      temple (~> 0.6.5)
      tilt (~> 1.3, >= 1.3.3)
    slop (3.4.5)
    temple (0.6.5)
    therubyracer (0.11.4)
      libv8 (~> 3.11.8.12)
      ref
    thor (0.18.1)
    tilt (1.3.7)
    uglifier (2.1.1)
      execjs (>= 0.3.0)
      multi_json (~> 1.0, >= 1.0.2)
    yajl-ruby (1.1.0)
    yui-compressor (0.9.6)
      POpen4 (>= 0.1.4)
    zurb-foundation (4.0.9)
      sass (>= 3.2.0)

PLATFORMS
  ruby

DEPENDENCIES
  RedCloth (~> 4.2.9)
  asciidoctor (~> 0.1.3)
  awestruct (~> 0.5.1)
  coffee-script
  erubis (~> 2.7.0)
  guard-livereload
  haml (~> 4.0.0)
  htmlcompressor
  less (~> 2.3.1)
  puma (~> 1.6.3)
  rb-inotify (~> 0.9.0)
  redcarpet (~> 2.3.0)
  slim (~> 2.0.0)
  therubyracer (~> 0.11.4)
  tilt (~> 1.3.6)
  uglifier
  yajl-ruby
